GEM
  remote: http://rubygems.org/
  specs:
    activemodel (3.0.7)
      activesupport (= 3.0.7)
      builder (~> 2.1.2)
      i18n (~> 0.5.0)
    activesupport (3.0.7)
    addressable (2.2.2)
    bson (1.3.1)
    bson_ext (1.3.1)
    builder (2.1.2)
    carrierwave (0.5.4)
      activesupport (~> 3.0)
    class_loader (0.4.9)
    daemons (1.1.4)
    dictionary (1.0.0)
    diff-lcs (1.1.2)
    eventmachine (0.12.10)
    factory_girl (1.3.3)
    haml (3.0.25)
    i18n (0.5.0)
    json (1.4.6)
    mail (2.2.14)
      activesupport (>= 2.3.6)
      i18n (>= 0.4.0)
      mime-types (~> 1.16)
      treetop (~> 1.4.8)
    micon (0.1.14)
    mime-types (1.16)
    mini_magick (3.2.1)
      subexec (~> 0.0.4)
    mongo (1.3.0)
      bson (>= 1.3.0)
    mongoid (2.0.2)
      activemodel (~> 3.0)
      mongo (~> 1.3)
      tzinfo (~> 0.3.22)
    mongoid_misc (0.0.8)
      activemodel (= 3.0.7)
      activesupport (= 3.0.7)
      bson (= 1.3.1)
      bson_ext (= 1.3.1)
      carrierwave (= 0.5.4)
      i18n (= 0.5.0)
      mini_magick (= 3.2.1)
      mongo (= 1.3.0)
      mongoid (= 2.0.2)
      subexec (= 0.0.4)
      will_paginate (= 2.3.15)
    nokogiri (1.4.4)
    polyglot (0.3.1)
    rack (1.3.0)
    rad_assets (0.2.6)
    rad_common_interface (0.0.10)
      rad_face
    rad_core (0.0.25)
      activesupport (= 3.0.7)
      addressable (= 2.2.2)
      builder (= 2.1.2)
      class_loader
      dictionary (= 1.0.0)
      haml (= 3.0.25)
      i18n (= 0.5.0)
      json (= 1.4.6)
      mail (= 2.2.14)
      micon
      mime-types (= 1.16)
      nokogiri (= 1.4.4)
      polyglot (= 0.3.1)
      rack (= 1.3.0)
      ruby_ext
      thin (= 1.2.7)
      tilt (= 1.2.1)
      treetop (= 1.4.9)
      vfs
    rad_ext (0.0.6)
      i18n (= 0.5.0)
      rad_assets
      rad_core
    rad_face (0.0.7)
      rad_assets
      rad_core
      rad_ext
      rad_js
    rad_js (0.0.7)
      rad_core
    rspec (2.6.0)
      rspec-core (~> 2.6.0)
      rspec-expectations (~> 2.6.0)
      rspec-mocks (~> 2.6.0)
    rspec-core (2.6.4)
    rspec-expectations (2.6.0)
      diff-lcs (~> 1.1.2)
    rspec-mocks (2.6.0)
    ruby_ext (0.4.20)
    subexec (0.0.4)
    thin (1.2.7)
      daemons (>= 1.0.9)
      eventmachine (>= 0.12.6)
      rack (>= 1.0.0)
    tilt (1.2.1)
    treetop (1.4.9)
      polyglot (>= 0.3.1)
    tzinfo (0.3.29)
    vfs (0.3.7)
    will_paginate (2.3.15)

PLATFORMS
  ruby

DEPENDENCIES
  factory_girl
  mongoid_misc
  rad_common_interface
  rad_core
  rad_ext
  rspec
  thin (= 1.2.7)
